PATH
  remote: .
  specs:
    dropcaster (0.0.8)
      activesupport
      bundler
      null-logger
      ruby-mp3info

GEM
  remote: https://rubygems.org/
  specs:
    activesupport (4.2.9)
      i18n (~> 0.7)
      minitest (~> 5.1)
      thread_safe (~> 0.3, >= 0.3.4)
      tzinfo (~> 1.1)
    addressable (2.5.2)
      public_suffix (>= 2.0.2, < 4.0)
    ast (2.3.0)
    byebug (9.1.0)
    coderay (1.1.2)
    coffee-script (2.4.1)
      coffee-script-source
      execjs
    coffee-script-source (1.11.1)
    colorator (1.1.0)
    concurrent-ruby (1.0.5)
    ethon (0.11.0)
      ffi (>= 1.3.0)
    execjs (2.7.0)
    faraday (0.13.1)
      multipart-post (>= 1.2, < 3)
    ffi (1.9.18)
    ffi (1.9.18-x86-mingw32)
    formatador (0.2.5)
    forwardable-extended (2.6.0)
    gemoji (3.0.0)
    github-pages (167)
      activesupport (= 4.2.9)
      github-pages-health-check (= 1.3.5)
      jekyll (= 3.6.2)
      jekyll-avatar (= 0.5.0)
      jekyll-coffeescript (= 1.0.2)
      jekyll-default-layout (= 0.1.4)
      jekyll-feed (= 0.9.2)
      jekyll-gist (= 1.4.1)
      jekyll-github-metadata (= 2.9.3)
      jekyll-mentions (= 1.2.0)
      jekyll-optional-front-matter (= 0.2.0)
      jekyll-paginate (= 1.1.0)
      jekyll-readme-index (= 0.1.0)
      jekyll-redirect-from (= 0.12.1)
      jekyll-relative-links (= 0.5.1)
      jekyll-sass-converter (= 1.5.0)
      jekyll-seo-tag (= 2.3.0)
      jekyll-sitemap (= 1.1.1)
      jekyll-swiss (= 0.4.0)
      jekyll-theme-architect (= 0.1.0)
      jekyll-theme-cayman (= 0.1.0)
      jekyll-theme-dinky (= 0.1.0)
      jekyll-theme-hacker (= 0.1.0)
      jekyll-theme-leap-day (= 0.1.0)
      jekyll-theme-merlot (= 0.1.0)
      jekyll-theme-midnight (= 0.1.0)
      jekyll-theme-minimal (= 0.1.0)
      jekyll-theme-modernist (= 0.1.0)
      jekyll-theme-primer (= 0.5.2)
      jekyll-theme-slate (= 0.1.0)
      jekyll-theme-tactile (= 0.1.0)
      jekyll-theme-time-machine (= 0.1.0)
      jekyll-titles-from-headings (= 0.4.0)
      jemoji (= 0.8.1)
      kramdown (= 1.14.0)
      liquid (= 4.0.0)
      listen (= 3.0.6)
      mercenary (~> 0.3)
      minima (= 2.1.1)
      rouge (= 2.2.1)
      terminal-table (~> 1.4)
    github-pages-health-check (1.3.5)
      addressable (~> 2.3)
      net-dns (~> 0.8)
      octokit (~> 4.0)
      public_suffix (~> 2.0)
      typhoeus (~> 0.7)
    guard (2.14.1)
      formatador (>= 0.2.4)
      listen (>= 2.7, < 4.0)
      lumberjack (~> 1.0)
      nenv (~> 0.1)
      notiffany (~> 0.0)
      pry (>= 0.9.12)
      shellany (~> 0.0)
      thor (>= 0.18.1)
    guard-bundler (2.1.0)
      bundler (~> 1.0)
      guard (~> 2.2)
      guard-compat (~> 1.1)
    guard-compat (1.2.1)
    guard-minitest (2.4.6)
      guard-compat (~> 1.2)
      minitest (>= 3.0)
    html-pipeline (2.7.1)
      activesupport (>= 2)
      nokogiri (>= 1.4)
    i18n (0.9.0)
      concurrent-ruby (~> 1.0)
    jekyll (3.6.2)
      addressable (~> 2.4)
      colorator (~> 1.0)
      jekyll-sass-converter (~> 1.0)
      jekyll-watch (~> 1.1)
      kramdown (~> 1.14)
      liquid (~> 4.0)
      mercenary (~> 0.3.3)
      pathutil (~> 0.9)
      rouge (>= 1.7, < 3)
      safe_yaml (~> 1.0)
    jekyll-avatar (0.5.0)
      jekyll (~> 3.0)
    jekyll-coffeescript (1.0.2)
      coffee-script (~> 2.2)
      coffee-script-source (~> 1.11.1)
    jekyll-default-layout (0.1.4)
      jekyll (~> 3.0)
    jekyll-feed (0.9.2)
      jekyll (~> 3.3)
    jekyll-gist (1.4.1)
      octokit (~> 4.2)
    jekyll-github-metadata (2.9.3)
      jekyll (~> 3.1)
      octokit (~> 4.0, != 4.4.0)
    jekyll-mentions (1.2.0)
      activesupport (~> 4.0)
      html-pipeline (~> 2.3)
      jekyll (~> 3.0)
    jekyll-optional-front-matter (0.2.0)
      jekyll (~> 3.0)
    jekyll-paginate (1.1.0)
    jekyll-readme-index (0.1.0)
      jekyll (~> 3.0)
    jekyll-redirect-from (0.12.1)
      jekyll (~> 3.3)
    jekyll-relative-links (0.5.1)
      jekyll (~> 3.3)
    jekyll-sass-converter (1.5.0)
      sass (~> 3.4)
    jekyll-seo-tag (2.3.0)
      jekyll (~> 3.3)
    jekyll-sitemap (1.1.1)
      jekyll (~> 3.3)
    jekyll-swiss (0.4.0)
    jekyll-theme-architect (0.1.0)
      jekyll (~> 3.5)
      jekyll-seo-tag (~> 2.0)
    jekyll-theme-cayman (0.1.0)
      jekyll (~> 3.5)
      jekyll-seo-tag (~> 2.0)
    jekyll-theme-dinky (0.1.0)
      jekyll (~> 3.5)
      jekyll-seo-tag (~> 2.0)
    jekyll-theme-hacker (0.1.0)
      jekyll (~> 3.5)
      jekyll-seo-tag (~> 2.0)
    jekyll-theme-leap-day (0.1.0)
      jekyll (~> 3.5)
      jekyll-seo-tag (~> 2.0)
    jekyll-theme-merlot (0.1.0)
      jekyll (~> 3.5)
      jekyll-seo-tag (~> 2.0)
    jekyll-theme-midnight (0.1.0)
      jekyll (~> 3.5)
      jekyll-seo-tag (~> 2.0)
    jekyll-theme-minimal (0.1.0)
      jekyll (~> 3.5)
      jekyll-seo-tag (~> 2.0)
    jekyll-theme-modernist (0.1.0)
      jekyll (~> 3.5)
      jekyll-seo-tag (~> 2.0)
    jekyll-theme-primer (0.5.2)
      jekyll (~> 3.5)
      jekyll-github-metadata (~> 2.9)
      jekyll-seo-tag (~> 2.2)
    jekyll-theme-slate (0.1.0)
      jekyll (~> 3.5)
      jekyll-seo-tag (~> 2.0)
    jekyll-theme-tactile (0.1.0)
      jekyll (~> 3.5)
      jekyll-seo-tag (~> 2.0)
    jekyll-theme-time-machine (0.1.0)
      jekyll (~> 3.5)
      jekyll-seo-tag (~> 2.0)
    jekyll-titles-from-headings (0.4.0)
      jekyll (~> 3.3)
    jekyll-watch (1.5.0)
      listen (~> 3.0, < 3.1)
    jemoji (0.8.1)
      activesupport (~> 4.0, >= 4.2.9)
      gemoji (~> 3.0)
      html-pipeline (~> 2.2)
      jekyll (>= 3.0)
    kramdown (1.14.0)
    libnotify (0.9.3)
      ffi (>= 1.0.11)
    libxml-ruby (3.0.0)
    liquid (4.0.0)
    listen (3.0.6)
      rb-fsevent (>= 0.9.3)
      rb-inotify (>= 0.9.7)
    lumberjack (1.0.12)
    mercenary (0.3.6)
    method_source (0.9.0)
    mini_portile2 (2.3.0)
    minima (2.1.1)
      jekyll (~> 3.3)
    minitest (5.10.3)
    multipart-post (2.0.0)
    nenv (0.3.0)
    net-dns (0.8.0)
    nokogiri (1.8.1)
      mini_portile2 (~> 2.3.0)
    nokogiri (1.8.1-x86-mingw32)
      mini_portile2 (~> 2.3.0)
    notiffany (0.1.1)
      nenv (~> 0.1)
      shellany (~> 0.0)
    null-logger (0.1.4)
    octokit (4.7.0)
      sawyer (~> 0.8.0, >= 0.5.3)
    parallel (1.12.0)
    parser (2.4.0.0)
      ast (~> 2.2)
    pathutil (0.16.0)
      forwardable-extended (~> 2.6)
    powerpack (0.1.1)
    pry (0.11.2)
      coderay (~> 1.1.0)
      method_source (~> 0.9.0)
    pry-byebug (3.5.0)
      byebug (~> 9.1)
      pry (~> 0.10)
    public_suffix (2.0.5)
    rainbow (2.2.2)
      rake
    rake (12.2.1)
    rb-fsevent (0.10.2)
    rb-inotify (0.9.10)
      ffi (>= 0.5.0, < 2)
    rouge (2.2.1)
    rubocop (0.51.0)
      parallel (~> 1.10)
      parser (>= 2.3.3.1, < 3.0)
      powerpack (~> 0.1)
      rainbow (>= 2.2.2, < 3.0)
      ruby-progressbar (~> 1.7)
      unicode-display_width (~> 1.0, >= 1.0.1)
    ruby-mp3info (0.8.10)
    ruby-progressbar (1.9.0)
    safe_yaml (1.0.4)
    sass (3.5.3)
      sass-listen (~> 4.0.0)
    sass-listen (4.0.0)
      rb-fsevent (~> 0.9, >= 0.9.4)
      rb-inotify (~> 0.9, >= 0.9.7)
    sawyer (0.8.1)
      addressable (>= 2.3.5, < 2.6)
      faraday (~> 0.8, < 1.0)
    shellany (0.0.1)
    terminal-table (1.8.0)
      unicode-display_width (~> 1.1, >= 1.1.1)
    thor (0.20.0)
    thread_safe (0.3.6)
    typhoeus (0.8.0)
      ethon (>= 0.8.0)
    tzinfo (1.2.4)
      thread_safe (~> 0.1)
    unicode-display_width (1.3.0)

PLATFORMS
  ruby
  x86-mingw32

DEPENDENCIES
  dropcaster!
  github-pages
  guard-bundler
  guard-minitest
  libnotify
  libxml-ruby
  minitest
  octokit
  pry
  pry-byebug
  rake
  rb-fsevent
  rb-inotify
  rubocop

BUNDLED WITH
   1.15.4
